ObjectType = Image
NDims = 3
BinaryData = True
BinaryDataByteOrderMSB = False
CompressedData = False
TransformMatrix = 1 0 0 0 1 0 0 0 1
Offset = -145 -145 -145
CenterOfRotation = 0 0 0
AnatomicalOrientation = RAI
ElementSpacing = 10 10 10
DimSize = 30 30 30
ElementType = MET_FLOAT
ElementDataFile = waterbox_edep_uncertainty.raw
